GEM
  remote: https://rubygems.org/
  specs:
    dotenv (2.1.1)
    jwt (1.5.6)
    nexmo (4.4.0)
      jwt

PLATFORMS
  ruby

DEPENDENCIES
  dotenv
  nexmo (~> 4.4.0)

BUNDLED WITH
   1.13.6
